GEM
  remote: https://rubygems.org/
  specs:
    eldr (0.0.4)
      fast_blank (= 0.0.2)
      mustermann (= 0.4.0)
      rack (~> 1.5)
    fast_blank (0.0.2)
    json (1.8.3)
    mustermann (0.4.0)
      tool (~> 0.2)
    rack (1.5.2)
    rethinkdb (2.0.0.1)
      json
    tool (0.2.3)

PLATFORMS
  ruby

DEPENDENCIES
  eldr
  rethinkdb
